GEM
  remote: https://rubygems.org/
  specs:
    coderay (1.1.0)
    highline (1.7.1)
    method_source (0.8.2)
    pry (0.10.0-x86-mingw32)
      coderay (~> 1.1.0)
      method_source (~> 0.8.1)
      slop (~> 3.4)
      win32console (~> 1.3)
    slop (3.6.0)
    win32console (1.3.2-x86-mingw32)

PLATFORMS
  x86-mingw32

DEPENDENCIES
  highline (= 1.7.1)
  pry (= 0.10.0)
